GEM
  remote: https://rubygems.org/
  specs:
    midi-smtp-server (3.2.1)

PLATFORMS
  ruby

DEPENDENCIES
  midi-smtp-server

BUNDLED WITH
   2.6.3
